GEM
  remote: https://rubygems.org/
  specs:
    motion-redgreen (0.1.0)
    rake (10.3.2)

PLATFORMS
  ruby

DEPENDENCIES
  motion-redgreen
  rake
